PATH
  remote: .
  specs:
    PlayersGameGem (0.0.0)

GEM
  remote: https://rubygems.org/
  specs:
    docile (1.1.5)
    json (1.8.2)
    minitest (5.6.1)
    rake (10.4.2)
    simplecov (0.10.0)
      docile (~> 1.1.0)
      json (~> 1.8)
      simplecov-html (~> 0.10.0)
    simplecov-html (0.10.0)

PLATFORMS
  ruby

DEPENDENCIES
  PlayersGameGem!
  bundler (~> 1.9)
  minitest (~> 5.6)
  rake (~> 10.0)
  simplecov (~> 0.10)
